GEM
  remote: https://rubygems.org/
  specs:
    activesupport (4.1.4)
      i18n (~> 0.6, >= 0.6.9)
      json (~> 1.7, >= 1.7.7)
      minitest (~> 5.1)
      thread_safe (~> 0.1)
      tzinfo (~> 1.1)
    i18n (0.6.11)
    json (1.8.1)
    minitest (5.4.0)
    rdoc (4.1.1)
      json (~> 1.4)
    rdoc-generator-mdoc (0.0.4)
      activesupport (~> 4)
      rdoc (~> 4)
    thread_safe (0.3.4)
    tzinfo (1.2.2)
      thread_safe (~> 0.1)

PLATFORMS
  ruby

DEPENDENCIES
  rdoc
  rdoc-generator-mdoc (~> 0.0.4)
